PATH
  remote: .
  specs:
    stac-client (0.1.0)
      stac (~> 0.1)

GEM
  remote: https://rubygems.org/
  specs:
    ast (2.4.2)
    debug (1.6.3)
      irb (>= 1.3.6)
      reline (>= 0.3.1)
    diff-lcs (1.5.0)
    io-console (0.5.11)
    irb (1.4.2)
      reline (>= 0.3.0)
    json (2.6.2)
    language_server-protocol (3.17.0.1)
    parallel (1.22.1)
    parser (3.1.2.1)
      ast (~> 2.4.1)
    prettier_print (1.0.2)
    rainbow (3.1.1)
    rake (13.0.6)
    regexp_parser (2.6.0)
    reline (0.3.1)
      io-console (~> 0.5)
    rexml (3.2.5)
    rspec (3.11.0)
      rspec-core (~> 3.11.0)
      rspec-expectations (~> 3.11.0)
      rspec-mocks (~> 3.11.0)
    rspec-core (3.11.0)
      rspec-support (~> 3.11.0)
    rspec-expectations (3.11.1)
      diff-lcs (>= 1.2.0, < 2.0)
      rspec-support (~> 3.11.0)
    rspec-mocks (3.11.1)
      diff-lcs (>= 1.2.0, < 2.0)
      rspec-support (~> 3.11.0)
    rspec-support (3.11.1)
    rubocop (1.37.1)
      json (~> 2.3)
      parallel (~> 1.10)
      parser (>= 3.1.2.1)
      rainbow (>= 2.2.2, < 4.0)
      regexp_parser (>= 1.8, < 3.0)
      rexml (>= 3.2.5, < 4.0)
      rubocop-ast (>= 1.23.0, < 2.0)
      ruby-progressbar (~> 1.7)
      unicode-display_width (>= 1.4.0, < 3.0)
    rubocop-ast (1.23.0)
      parser (>= 3.1.1.0)
    rubocop-rake (0.6.0)
      rubocop (~> 1.0)
    rubocop-rspec (2.14.1)
      rubocop (~> 1.33)
    ruby-lsp (0.3.4)
      language_server-protocol (~> 3.17.0)
      sorbet-runtime
      syntax_tree (>= 3.6.3)
    ruby-progressbar (1.11.0)
    sorbet-runtime (0.5.10511)
    stac (0.1.0)
    syntax_tree (4.0.2)
      prettier_print (>= 1.0.2)
    unicode-display_width (2.3.0)

PLATFORMS
  x86_64-darwin-21
  x86_64-linux

DEPENDENCIES
  debug
  rake
  rspec
  rubocop
  rubocop-rake
  rubocop-rspec
  ruby-lsp
  stac-client!

BUNDLED WITH
   2.3.24
